PATH
  remote: .
  specs:
    simple_cache_lock (0.1.1)
      gem_config (~> 0.3, >= 0.3)
      redlock (~> 1.0, >= 1.0.0)

GEM
  remote: https://rubygems.org/
  specs:
    diff-lcs (1.3)
    gem_config (0.3.1)
    rake (10.5.0)
    redis (4.1.0)
    redlock (1.0.0)
      redis (>= 3.0.0, < 5.0)
    rspec (3.8.0)
      rspec-core (~> 3.8.0)
      rspec-expectations (~> 3.8.0)
      rspec-mocks (~> 3.8.0)
    rspec-core (3.8.0)
      rspec-support (~> 3.8.0)
    rspec-expectations (3.8.3)
      diff-lcs (>= 1.2.0, < 2.0)
      rspec-support (~> 3.8.0)
    rspec-mocks (3.8.0)
      diff-lcs (>= 1.2.0, < 2.0)
      rspec-support (~> 3.8.0)
    rspec-support (3.8.0)

PLATFORMS
  ruby

DEPENDENCIES
  bundler (~> 2.0)
  rake (~> 10.0)
  rspec (~> 3.0)
  simple_cache_lock!

BUNDLED WITH
   2.0.1
