PATH
  remote: .
  specs:
    simple_cache_lock (0.1.4)
      gem_config (~> 0.3, >= 0.3)
      redlock (~> 1.0, >= 1.0.0)

GEM
  remote: https://rubygems.org/
  specs:
    diff-lcs (1.5.0)
    gem_config (0.3.2)
    rake (13.0.6)
    redis (4.6.0)
    redlock (1.2.2)
      redis (>= 3.0.0, < 5.0)
    rspec (3.11.0)
      rspec-core (~> 3.11.0)
      rspec-expectations (~> 3.11.0)
      rspec-mocks (~> 3.11.0)
    rspec-core (3.11.0)
      rspec-support (~> 3.11.0)
    rspec-expectations (3.11.0)
      diff-lcs (>= 1.2.0, < 2.0)
      rspec-support (~> 3.11.0)
    rspec-mocks (3.11.1)
      diff-lcs (>= 1.2.0, < 2.0)
      rspec-support (~> 3.11.0)
    rspec-support (3.11.0)

PLATFORMS
  ruby

DEPENDENCIES
  bundler (~> 2.3)
  rake (~> 13.0)
  rspec (~> 3.0)
  simple_cache_lock!

BUNDLED WITH
   2.3.14
